GEM
  specs:

PLATFORMS
  universal-darwin-20

DEPENDENCIES

BUNDLED WITH
   2.3.14
